GEM
  remote: https://rubygems.org/
  specs:
    active_support (3.0.0)
      activesupport (= 3.0.0)
    activesupport (3.0.0)
    coderay (1.0.9)
    columnize (0.3.6)
    debugger (1.6.2)
      columnize (>= 0.3.1)
      debugger-linecache (~> 1.2.0)
      debugger-ruby_core_source (~> 1.2.3)
    debugger-linecache (1.2.0)
    debugger-ruby_core_source (1.2.3)
    feed-normalizer (1.5.2)
      hpricot (>= 0.6)
      simple-rss (>= 1.1)
    hashie (2.0.5)
    hpricot (0.8.6)
    i18n (0.6.9)
    method_source (0.8.2)
    parse-cron (0.1.3)
    pry (0.9.12.2)
      coderay (~> 1.0.5)
      method_source (~> 0.8)
      slop (~> 3.4)
    pry-debugger (0.2.2)
      debugger (~> 1.3)
      pry (~> 0.9.10)
    pry-doc (0.4.6)
      pry (>= 0.9)
      yard (>= 0.8)
    rb-appscript (0.6.1)
    simple-rss (1.2.3)
    skyper (0.1.0)
      rb-appscript (>= 0.3.0)
    slop (3.4.6)
    yard (0.8.7.2)

PLATFORMS
  ruby

DEPENDENCIES
  active_support
  feed-normalizer
  hashie
  i18n
  parse-cron
  pry
  pry-debugger
  pry-doc
  skyper
