GEM
  remote: https://rubygems.org/
  specs:
    activesupport (3.0.0)
    coderay (1.0.9)
    feed-normalizer (1.5.2)
      hpricot (>= 0.6)
      simple-rss (>= 1.1)
    hashie (2.0.5)
    hpricot (0.8.6)
    i18n (0.6.9)
    method_source (0.8.2)
    parse-cron (0.1.3)
    pry (0.9.12.2)
      coderay (~> 1.0.5)
      method_source (~> 0.8)
      slop (~> 3.4)
    rb-appscript (0.6.1)
    simple-rss (1.2.3)
    skyper (0.1.0)
      rb-appscript (>= 0.3.0)
    slop (3.4.6)

PLATFORMS
  ruby

DEPENDENCIES
  activesupport
  feed-normalizer
  hashie
  i18n
  parse-cron
  pry
  skyper
