GEM
  remote: https://rubygems.org/
  specs:
    hashie (2.0.5)
    rb-appscript (0.6.1)
    skyper (0.1.0)
      rb-appscript (>= 0.3.0)

PLATFORMS
  ruby

DEPENDENCIES
  hashie
  skyper
